GIT
  remote: git://github.com/FredrikL/relparser.git
  revision: 7ef285d5a8cc35d2ffa0a7f1f04d19450c6adf19
  specs:
    relparser (0.0.0)

GEM
  remote: http://rubygems.org/
  specs:
    atomic (1.1.14)
    double-bag-ftps (0.1.2)
    net-ftp-list (3.2.5)
    rake (10.1.1)
    rufus-scheduler (3.0.5)
      tzinfo
    thread_safe (0.1.3)
      atomic
    tzinfo (1.1.0)
      thread_safe (~> 0.1)

PLATFORMS
  ruby

DEPENDENCIES
  double-bag-ftps
  net-ftp-list
  rake
  relparser!
  rufus-scheduler
